GEM
  specs:
    bourbon (4.2.4)
      sass (~> 3.4)
      thor (~> 0.19)
    sass (3.4.17)
    thor (0.19.1)

PLATFORMS
  x64-mingw32

DEPENDENCIES
  bourbon

BUNDLED WITH
   1.10.6
